GEM
  remote: https://rubygems.org/
  specs:
    dotenv (2.1.0)
    rake (10.5.0)

PLATFORMS
  ruby

DEPENDENCIES
  dotenv
  rake

BUNDLED WITH
   1.11.2
